GEM
  remote: http://rubygems.org/
  specs:
    closure-compiler (1.1.1)
    daemons (1.1.4)
    eventmachine (0.12.10)
    jbundle (0.0.12)
      closure-compiler
      rack
      thor
    json (1.5.3)
    rack (1.3.2)
    ruby-hmac (0.4.0)
    socky-authenticator (0.5.0.beta5)
      json
      ruby-hmac
    thin (1.2.11)
      daemons (>= 1.0.9)
      eventmachine (>= 0.12.6)
      rack (>= 1.0.0)
    thor (0.14.6)

PLATFORMS
  ruby

DEPENDENCIES
  jbundle (~> 0.0.8)
  socky-authenticator (~> 0.5.0.beta5)
  thin
